GEM
  remote: https://rubygems.org/
  specs:
    benchmark-ips (2.7.2)
    byebug (9.1.0)
    capn_proto (0.0.1.alpha.8)
    coderay (1.1.2)
    google-protobuf (3.5.0)
    method_source (0.9.0)
    msgpack (1.1.0)
    oj (3.3.9)
    pry (0.11.3)
      coderay (~> 1.1.0)
      method_source (~> 0.9.0)
    pry-byebug (3.5.1)
      byebug (~> 9.1)
      pry (~> 0.10)
    rake (12.1.0)

PLATFORMS
  ruby

DEPENDENCIES
  benchmark-ips (= 2.7.2)
  capn_proto (= 0.0.1.alpha.8)
  google-protobuf (= 3.5.0)
  msgpack (= 1.1.0)
  oj (= 3.3.9)
  pry-byebug
  rake

BUNDLED WITH
   1.15.4
